GEM
  remote: https://rubygems.org/
  specs:
    httparty (0.11.0)
      multi_json (~> 1.0)
      multi_xml (>= 0.5.2)
    multi_json (1.8.2)
    multi_xml (0.5.5)
    thor (0.18.1)

PLATFORMS
  ruby

DEPENDENCIES
  httparty
  multi_json
  thor
